GIT
  remote: git://github.com/rightscale/attributor.git
  revision: 4efd94a0af71f1e664d6806ca4a7c2229588bd41
  specs:
    attributor (2.2.1)
      hashie (~> 3)
      randexp (~> 0)

GIT
  remote: git://github.com/rightscale/praxis-blueprints.git
  revision: 86eb92572c24f98f0e7eacfdbca29b18fea8e86f
  specs:
    praxis-blueprints (1.1.0)
      activesupport (>= 3)
      attributor (~> 2)
      randexp (~> 0)

PATH
  remote: ../../praxis
  specs:
    praxis (0.10.1)
      activesupport (>= 3)
      attributor (~> 2.2.1)
      harness (~> 2)
      mime (~> 0)
      mustermann (~> 0)
      praxis-blueprints (~> 1.1)
      praxis-mapper (~> 3.1)
      rack (~> 1)
      ruport (~> 1)
      terminal-table (~> 1.4)
      thor (~> 0)

GEM
  remote: https://rubygems.org/
  specs:
    activesupport (4.1.8)
      i18n (~> 0.6, >= 0.6.9)
      json (~> 1.7, >= 1.7.7)
      minitest (~> 5.1)
      thread_safe (~> 0.1)
      tzinfo (~> 1.1)
    addressable (2.3.6)
    byebug (3.5.1)
      columnize (~> 0.8)
      debugger-linecache (~> 1.2)
      slop (~> 3.6)
    celluloid (0.16.0)
      timers (~> 4.0.0)
    coderay (1.1.0)
    color (1.7.1)
    columnize (0.9.0)
    debugger-linecache (1.2.0)
    diff-lcs (1.2.5)
    dotenv (1.0.2)
    fastercsv (1.5.5)
    ffi (1.9.6)
    foreman (0.76.0)
      dotenv (~> 1.0.2)
      thor (~> 0.19.1)
    formatador (0.2.5)
    guard (2.10.2)
      formatador (>= 0.2.4)
      listen (~> 2.7)
      lumberjack (~> 1.0)
      pry (>= 0.9.12)
      thor (>= 0.18.1)
    guard-compat (0.3.0)
    guard-rspec (4.4.2)
      guard (~> 2.1)
      guard-compat (~> 0.1)
      rspec (>= 2.99.0, < 4.0)
    harness (2.0.0)
      statsd-ruby
    hashie (3.3.2)
    hitimes (1.2.2)
    i18n (0.6.11)
    json (1.8.1)
    json-schema (2.5.0)
      addressable (~> 2.3)
    kgio (2.9.2)
    listen (2.8.3)
      celluloid (>= 0.15.2)
      rb-fsevent (>= 0.9.3)
      rb-inotify (>= 0.9)
    lumberjack (1.0.9)
    method_source (0.8.2)
    mime (0.4.2)
    minitest (5.4.3)
    mustermann (0.4.0)
      tool (~> 0.2)
    pdf-writer (1.1.8)
      color (>= 1.4.0)
      transaction-simple (~> 1.3)
    praxis-mapper (3.1.2)
      activesupport (>= 3)
      randexp (~> 0)
      sequel (~> 4)
    pry (0.10.1)
      coderay (~> 1.1.0)
      method_source (~> 0.8.1)
      slop (~> 3.4)
    pry-byebug (2.0.0)
      byebug (~> 3.4)
      pry (~> 0.10)
    rack (1.5.2)
    rack-cors (0.2.9)
    rack-test (0.6.2)
      rack (>= 1.0)
    rainbows (4.6.2)
      kgio (~> 2.5)
      rack (~> 1.1)
      unicorn (~> 4.8)
    raindrops (0.13.0)
    rake (10.4.2)
    randexp (0.1.7)
    rb-fsevent (0.9.4)
    rb-inotify (0.9.5)
      ffi (>= 0.5.0)
    rspec (3.1.0)
      rspec-core (~> 3.1.0)
      rspec-expectations (~> 3.1.0)
      rspec-mocks (~> 3.1.0)
    rspec-collection_matchers (1.1.2)
      rspec-expectations (>= 2.99.0.beta1)
    rspec-core (3.1.7)
      rspec-support (~> 3.1.0)
    rspec-expectations (3.1.2)
      diff-lcs (>= 1.2.0, < 2.0)
      rspec-support (~> 3.1.0)
    rspec-its (1.1.0)
      rspec-core (>= 3.0.0)
      rspec-expectations (>= 3.0.0)
    rspec-mocks (3.1.3)
      rspec-support (~> 3.1.0)
    rspec-support (3.1.2)
    ruport (1.6.3)
      fastercsv
      pdf-writer (= 1.1.8)
    sequel (4.17.0)
    shotgun (0.9)
      rack (>= 1.0)
    slop (3.6.0)
    statsd-ruby (1.2.1)
    terminal-table (1.4.5)
    thor (0.19.1)
    thread_safe (0.3.4)
    timers (4.0.1)
      hitimes
    tool (0.2.3)
    transaction-simple (1.4.0.2)
    tzinfo (1.2.2)
      thread_safe (~> 0.1)
    unicorn (4.8.3)
      kgio (~> 2.6)
      rack
      raindrops (~> 0.7)

PLATFORMS
  ruby

DEPENDENCIES
  attributor!
  foreman
  guard
  guard-rspec
  json-schema
  praxis!
  praxis-blueprints!
  pry
  pry-byebug
  rack-cors
  rack-test
  rainbows
  rake
  rspec
  rspec-collection_matchers
  rspec-its
  shotgun
